PATH
  remote: .
  specs:
    sinatra-mustache (0.0.1)
      mustache (~> 0.11.2)
      sinatra (~> 1.1.0)
      tilt (= 1.1)

GEM
  remote: http://rubygems.org/
  specs:
    diff-lcs (1.1.2)
    mustache (0.11.2)
    rack (1.2.1)
    rack-test (0.5.6)
      rack (>= 1.0)
    rspec (2.2.0)
      rspec-core (~> 2.2)
      rspec-expectations (~> 2.2)
      rspec-mocks (~> 2.2)
    rspec-core (2.2.1)
    rspec-expectations (2.2.0)
      diff-lcs (~> 1.1.2)
    rspec-mocks (2.2.0)
    sinatra (1.1.0)
      rack (~> 1.1)
      tilt (~> 1.1)
    tilt (1.1)

PLATFORMS
  ruby

DEPENDENCIES
  mustache (~> 0.11.2)
  rack-test (~> 0.5.6)
  rspec (~> 2.2.0)
  sinatra (~> 1.1.0)
  sinatra-mustache!
  tilt (= 1.1)
