PATH
  remote: .
  specs:
    sinatra-mustache (0.0.1)
      mustache (~> 0.11.2)
      sinatra (~> 1.1.0)
      tilt (= 1.1)

GEM
  remote: http://rubygems.org/
  specs:
    mustache (0.11.2)
    rack (1.2.1)
    sinatra (1.1.0)
      rack (~> 1.1)
      tilt (~> 1.1)
    tilt (1.1)
    unicorn (1.0.0)
      rack

PLATFORMS
  ruby

DEPENDENCIES
  mustache (~> 0.11.2)
  sinatra (~> 1.1.0)
  sinatra-mustache!
  tilt (= 1.1)
  unicorn
